PATH
  remote: ..
  specs:
    infopark_ses (6.7.3)
      activerecord (~> 2.3.10)
      daemon-spawn
      infopark_rails_connector
      rsolr
      ruby-progressbar
      stomp

GEM
  remote: http://rubygems.org/
  specs:
    actionmailer (2.3.10)
      actionpack (= 2.3.10)
    actionpack (2.3.10)
      activesupport (= 2.3.10)
      rack (~> 1.1.0)
    activerecord (2.3.10)
      activesupport (= 2.3.10)
    activeresource (2.3.10)
      activesupport (= 2.3.10)
    activesupport (2.3.10)
    builder (3.0.0)
    daemon-spawn (0.4.0)
    infopark_rails_connector (6.7.3.beta.223.62f1795)
      json (>= 1.2.3)
      liquid (= 2.0.0)
      maruku (= 0.6.0)
      mime-types (= 1.16)
      rails (= 2.3.10)
      rake (>= 0.8.7)
    json (1.5.1)
    liquid (2.0.0)
    maruku (0.6.0)
      syntax (>= 1.0.0)
    mime-types (1.16)
    mysql (2.8.1)
    mysql_blob_streaming (1.1.1)
      mysql (>= 2.7)
    prawn (0.8.4)
      prawn-core (>= 0.8.4, < 0.9)
      prawn-layout (>= 0.8.4, < 0.9)
      prawn-security (>= 0.8.4, < 0.9)
    prawn-core (0.8.4)
    prawn-layout (0.8.4)
    prawn-security (0.8.4)
    rack (1.1.0)
    rails (2.3.10)
      actionmailer (= 2.3.10)
      actionpack (= 2.3.10)
      activerecord (= 2.3.10)
      activeresource (= 2.3.10)
      activesupport (= 2.3.10)
      rake (>= 0.8.3)
    rake (0.8.7)
    rsolr (1.0.0)
      builder (>= 2.1.2)
    rspec (1.3.1)
    rspec-rails (1.3.3)
      rack (>= 1.0.0)
      rspec (= 1.3.1)
    ruby-progressbar (0.0.9)
    sqlite3 (1.3.3)
    stomp (1.1.7)
    syntax (1.0.0)

PLATFORMS
  ruby

DEPENDENCIES
  infopark_rails_connector (= 6.7.3.beta.223.62f1795)
  infopark_ses!
  mysql
  mysql_blob_streaming (= 1.1.1)
  prawn
  rails (= 2.3.10)
  rspec (~> 1.3.0)
  rspec-rails (~> 1.3.0)
  sqlite3
